GEM
  remote: https://rubygems.org/
  specs:
    ast (2.4.2)
    parallel (1.21.0)
    parser (3.0.2.0)
      ast (~> 2.4.1)
    rainbow (3.0.0)
    regexp_parser (2.1.1)
    rexml (3.2.5)
    rubocop (1.21.0)
      parallel (~> 1.10)
      parser (>= 3.0.0.0)
      rainbow (>= 2.2.2, < 4.0)
      regexp_parser (>= 1.8, < 3.0)
      rexml
      rubocop-ast (>= 1.9.1, < 2.0)
      ruby-progressbar (~> 1.7)
      unicode-display_width (>= 1.4.0, < 3.0)
    rubocop-ast (1.11.0)
      parser (>= 3.0.1.1)
    ruby-progressbar (1.11.0)
    sorbet (0.5.9154)
      sorbet-static (= 0.5.9154)
    sorbet-runtime (0.5.9154)
    sorbet-static (0.5.9154-universal-darwin-14)
    unicode-display_width (2.1.0)

PLATFORMS
  ruby

DEPENDENCIES
  rubocop
  sorbet
  sorbet-runtime

BUNDLED WITH
   2.1.4
